PATH
  remote: .
  specs:
    tinyci (0.1.0)

GEM
  remote: https://rubygems.org/
  specs:
    awesome_print (1.8.0)
    barrier (1.0.2)
    byebug (9.1.0)
    coderay (1.1.2)
    diff-lcs (1.3)
    ffi (1.9.18)
    formatador (0.2.5)
    fuubar (2.2.0)
      rspec-core (~> 3.0)
      ruby-progressbar (~> 1.4)
    guard (2.14.1)
      formatador (>= 0.2.4)
      listen (>= 2.7, < 4.0)
      lumberjack (~> 1.0)
      nenv (~> 0.1)
      notiffany (~> 0.0)
      pry (>= 0.9.12)
      shellany (~> 0.0)
      thor (>= 0.18.1)
    guard-compat (1.2.1)
    guard-rspec (4.7.3)
      guard (~> 2.1)
      guard-compat (~> 1.1)
      rspec (>= 2.99.0, < 4.0)
    listen (3.1.5)
      rb-fsevent (~> 0.9, >= 0.9.4)
      rb-inotify (~> 0.9, >= 0.9.7)
      ruby_dep (~> 1.2)
    lumberjack (1.0.12)
    method_source (0.9.0)
    nenv (0.3.0)
    notiffany (0.1.1)
      nenv (~> 0.1)
      shellany (~> 0.0)
    pry (0.11.1)
      coderay (~> 1.1.0)
      method_source (~> 0.9.0)
    pry-byebug (3.5.0)
      byebug (~> 9.1)
      pry (~> 0.10)
    rake (12.1.0)
    rb-fsevent (0.10.2)
    rb-inotify (0.9.10)
      ffi (>= 0.5.0, < 2)
    redcarpet (3.4.0)
    rspec (3.6.0)
      rspec-core (~> 3.6.0)
      rspec-expectations (~> 3.6.0)
      rspec-mocks (~> 3.6.0)
    rspec-core (3.6.0)
      rspec-support (~> 3.6.0)
    rspec-expectations (3.6.0)
      diff-lcs (>= 1.2.0, < 2.0)
      rspec-support (~> 3.6.0)
    rspec-mocks (3.6.0)
      diff-lcs (>= 1.2.0, < 2.0)
      rspec-support (~> 3.6.0)
    rspec-nc (0.3.0)
      rspec (>= 3)
      terminal-notifier (>= 1.4)
    rspec-support (3.6.0)
    ruby-progressbar (1.8.1)
    ruby_dep (1.5.0)
    shellany (0.0.1)
    terminal-notifier (1.7.1)
    thor (0.20.0)
    yard (0.9.12)

PLATFORMS
  ruby

DEPENDENCIES
  awesome_print
  barrier
  bundler (~> 1.14)
  fuubar
  guard-rspec
  pry
  pry-byebug
  rake
  redcarpet
  rspec
  rspec-nc
  terminal-notifier (= 1.7.1)
  tinyci!
  yard

BUNDLED WITH
   1.16.0.pre.3
